GEM
  remote: http://rubygems.org/
  specs:
    minitest (5.8.0)

PLATFORMS
  ruby

DEPENDENCIES
  minitest
